GEM
  remote: http://rubygems.org/
  specs:
    gosu (0.7.38)

PLATFORMS
  ruby

DEPENDENCIES
  gosu
